GEM
  remote: https://rubygems.org/
  specs:
    date (3.3.4)
    nokogiri (1.16.2-aarch64-linux)
      racc (~> 1.4)
    nokogiri (1.16.2-arm-linux)
      racc (~> 1.4)
    nokogiri (1.16.2-arm64-darwin)
      racc (~> 1.4)
    nokogiri (1.16.2-x86-linux)
      racc (~> 1.4)
    nokogiri (1.16.2-x86_64-darwin)
      racc (~> 1.4)
    nokogiri (1.16.2-x86_64-linux)
      racc (~> 1.4)
    open-uri (0.4.1)
      stringio
      time
      uri
    racc (1.7.3)
    stringio (3.1.0)
    time (0.3.0)
      date
    uri (0.13.0)

PLATFORMS
  aarch64-linux
  arm-linux
  arm64-darwin
  x86-linux
  x86_64-darwin
  x86_64-linux

DEPENDENCIES
  nokogiri (~> 1.16)
  open-uri (~> 0.4.1)

BUNDLED WITH
   2.5.3
